PATH
  remote: .
  specs:
    markov_words (2.0.6)
      sqlite3 (~> 1.3)

GEM
  remote: https://rubygems.org/
  specs:
    coderay (1.1.3)
    method_source (1.0.0)
    minitest (5.15.0)
    pry (0.14.1)
      coderay (~> 1.1)
      method_source (~> 1.0)
    rake (13.0.6)
    sqlite3 (1.4.2)
    webrick (1.7.0)
    yard (0.9.27)
      webrick (~> 1.7.0)

PLATFORMS
  ruby

DEPENDENCIES
  bundler (~> 2.1.4)
  markov_words!
  minitest (~> 5.15)
  pry (~> 0.14.1)
  rake (~> 13.0)
  yard (~> 0.9.12)

BUNDLED WITH
   2.1.4
