PATH
  remote: .
  specs:
    markov_words (2.0.4)
      sqlite3 (~> 1.3)

GEM
  remote: https://rubygems.org/
  specs:
    coderay (1.1.2)
    method_source (0.9.0)
    minitest (5.10.3)
    pry (0.11.3)
      coderay (~> 1.1.0)
      method_source (~> 0.9.0)
    rake (10.5.0)
    sqlite3 (1.3.13)
    yard (0.9.12)

PLATFORMS
  ruby

DEPENDENCIES
  bundler (~> 1.16)
  markov_words!
  minitest (~> 5.0)
  pry (~> 0.11)
  rake (~> 10.0)
  yard (~> 0.9.12)

BUNDLED WITH
   1.16.0
